GEM
  remote: https://rubygems.org/
  specs:
    addressable (2.3.6)
    angelo (0.1.21)
      mime-types
      reel
    buftok (0.2.0)
    celluloid (0.15.2)
      timers (~> 1.1.0)
    celluloid-io (0.15.0)
      celluloid (>= 0.15.0)
      nio4r (>= 0.5.0)
    coderay (1.1.0)
    equalizer (0.0.9)
    faraday (0.9.0)
      multipart-post (>= 1.2, < 3)
    http (0.6.2)
      http_parser.rb (~> 0.6.0)
    http_parser.rb (0.6.0)
    json (1.8.1)
    memoizable (0.4.2)
      thread_safe (~> 0.3, >= 0.3.1)
    method_source (0.8.2)
    mime-types (2.3)
    multipart-post (2.0.0)
    mustermann (0.3.0)
      tool (~> 0.2)
    naught (1.0.0)
    nio4r (1.0.0)
    pry (0.10.1)
      coderay (~> 1.1.0)
      method_source (~> 0.8.1)
      slop (~> 3.4)
    reel (0.5.0)
      celluloid (>= 0.15.1)
      celluloid-io (>= 0.15.0)
      http (>= 0.6.0.pre)
      http_parser.rb (>= 0.6.0)
      websocket_parser (>= 0.1.6)
    simple_oauth (0.2.0)
    slop (3.6.0)
    terraformer (0.0.7)
    thread_safe (0.3.4)
    tilt (2.0.1)
    timers (1.1.0)
    tool (0.2.2)
    twitter (5.11.0)
      addressable (~> 2.3)
      buftok (~> 0.2.0)
      equalizer (~> 0.0.9)
      faraday (~> 0.9.0)
      http (~> 0.6.0)
      http_parser.rb (~> 0.6.0)
      json (~> 1.8)
      memoizable (~> 0.4.0)
      naught (~> 1.0)
      simple_oauth (~> 0.2.0)
    websocket_parser (0.1.6)

PLATFORMS
  ruby

DEPENDENCIES
  angelo
  http
  mustermann
  pry
  terraformer
  tilt
  twitter
